GEM
  remote: https://rubygems.org/
  specs:
    midiator (0.5.1)
    serialport (1.3.0)

PLATFORMS
  ruby

DEPENDENCIES
  midiator
  serialport
